GEM
  specs:
    awesome_print (1.9.2)
    minitest (5.15.0)

PLATFORMS
  x86_64-darwin-21

DEPENDENCIES
  awesome_print
  minitest

RUBY VERSION
   ruby 2.7.4p191

BUNDLED WITH
   2.3.11
